GEM
  remote: https://rubygems.org/
  specs:
    aws-sdk (2.2.37)
      aws-sdk-resources (= 2.2.37)
    aws-sdk-core (2.2.37)
      jmespath (~> 1.0)
    aws-sdk-resources (2.2.37)
      aws-sdk-core (= 2.2.37)
    capistrano (3.3.5)
      capistrano-stats (~> 1.1.0)
      i18n
      rake (>= 10.0.0)
      sshkit (~> 1.3)
    capistrano-stats (1.1.1)
    concurrent-ruby (1.0.5)
    deep_merge (1.0.1)
    i18n (0.9.0)
      concurrent-ruby (~> 1.0)
    jmespath (1.3.1)
    net-scp (1.2.1)
      net-ssh (>= 2.6.5)
    net-ssh (4.2.0)
    ongr_deploy (0.1.1)
      aws-sdk (~> 2.2.0)
      capistrano (~> 3.3.0)
      deep_merge (~> 1.0.0)
    rake (12.2.1)
    sshkit (1.14.0)
      net-scp (>= 1.1.2)
      net-ssh (>= 2.8.0)

PLATFORMS
  ruby

DEPENDENCIES
  ongr_deploy

BUNDLED WITH
   1.15.4
